PATH
  remote: .
  specs:
    rbtv_sendeplan_bot (0.2.0)

GEM
  remote: https://rubygems.org/
  specs:
    addressable (2.8.0)
      public_suffix (>= 2.0.2, < 5.0)
    coderay (1.1.3)
    htmlentities (4.3.4)
    json_pure (2.6.1)
    method_source (1.0.0)
    nethttputils (0.4.2.0)
      addressable
    pry (0.14.1)
      coderay (~> 1.1)
      method_source (~> 1.0)
    public_suffix (4.0.6)
    reddit_bot (1.10.0)
      json_pure
      nethttputils (~> 0.4.2.0)

PLATFORMS
  x86_64-linux

DEPENDENCIES
  htmlentities
  pry
  rbtv_sendeplan_bot!
  reddit_bot

BUNDLED WITH
   2.2.30
