PATH
  remote: .
  specs:
    rbtv_sendeplan_bot (0.2.0)

GEM
  remote: https://rubygems.org/
  specs:
    addressable (2.7.0)
      public_suffix (>= 2.0.2, < 5.0)
    coderay (1.1.3)
    json (2.3.1)
    method_source (1.0.0)
    nethttputils (0.4.0.0)
      addressable
    pry (0.13.1)
      coderay (~> 1.1)
      method_source (~> 1.0)
    public_suffix (4.0.5)
    reddit_bot (1.7.6)
      json
      nethttputils (~> 0.4.0.0)

PLATFORMS
  ruby

DEPENDENCIES
  pry
  rbtv_sendeplan_bot!
  reddit_bot

BUNDLED WITH
   2.1.2
