PATH
  remote: .
  specs:
    rbtv_sendeplan_bot (0.1.0)

GEM
  remote: https://rubygems.org/
  specs:
    coderay (1.1.3)
    method_source (1.0.0)
    pry (0.13.1)
      coderay (~> 1.1)
      method_source (~> 1.0)

PLATFORMS
  ruby

DEPENDENCIES
  pry
  rbtv_sendeplan_bot!

BUNDLED WITH
   2.1.2
